GEM
  remote: https://rubygems.org/
  specs:
    builder (3.2.4)
    rack (2.1.4.3)
    rack-contrib (2.1.0)
      rack (~> 2.1.4)
    rdiscount (2.2.0.1)
    toto (0.4.9)
      builder
      rack
      rack-contrib
      rdiscount

PLATFORMS
  ruby
  x64-mingw32

DEPENDENCIES
  builder
  rack-contrib
  rdiscount
  toto

RUBY VERSION
   ruby 2.6.7

BUNDLED WITH
   1.17.2
